GEM
  remote: https://rubygems.org/
  specs:
    bcrypt (3.1.16)
    builder (3.2.4)
    mustermann (1.1.1)
      ruby2_keywords (~> 0.0.1)
    mysql2 (0.5.3)
    nio4r (2.5.7)
    puma (5.3.1)
      nio4r (~> 2.0)
    rack (2.2.3)
    rack-protection (2.1.0)
      rack
    redcarpet (3.5.1)
    ruby2_keywords (0.0.4)
    sequel (5.40.0)
    sinatra (2.1.0)
      mustermann (~> 1.0)
      rack (~> 2.2)
      rack-protection (= 2.1.0)
      tilt (~> 2.0)
    sqlite3 (1.4.2)
    tilt (2.0.10)

PLATFORMS
  x86_64-linux

DEPENDENCIES
  bcrypt
  builder
  mysql2
  puma
  redcarpet
  sequel
  sinatra
  sqlite3

BUNDLED WITH
   2.2.3
