GEM
  remote: https://rubygems.org/
  specs:
    bcrypt (3.1.13)
    builder (3.2.3)
    mustermann (1.0.3)
    mysql2 (0.5.2)
    nio4r (2.3.1)
    puma (4.0.0)
      nio4r (~> 2.0)
    rack (2.0.7)
    rack-protection (2.0.5)
      rack
    redcarpet (3.4.0)
    sequel (5.22.0)
    sinatra (2.0.5)
      mustermann (~> 1.0)
      rack (~> 2.0)
      rack-protection (= 2.0.5)
      tilt (~> 2.0)
    sqlite3 (1.4.1)
    tilt (2.0.9)

PLATFORMS
  ruby

DEPENDENCIES
  bcrypt
  builder
  mysql2
  puma
  redcarpet
  sequel
  sinatra
  sqlite3

BUNDLED WITH
   1.17.2
