GEM
  remote: https://rubygems.org/
  specs:
    bcrypt (3.1.12)
    builder (3.2.3)
    mustermann (1.0.3)
    mysql2 (0.5.2)
    puma (3.12.0)
    rack (2.0.5)
    rack-protection (2.0.4)
      rack
    redcarpet (3.4.0)
    sequel (5.12.0)
    sinatra (2.0.4)
      mustermann (~> 1.0)
      rack (~> 2.0)
      rack-protection (= 2.0.4)
      tilt (~> 2.0)
    sqlite3 (1.3.13)
    tilt (2.0.8)

PLATFORMS
  ruby

DEPENDENCIES
  bcrypt
  builder
  mysql2
  puma
  redcarpet
  sequel
  sinatra
  sqlite3

BUNDLED WITH
   1.16.4
